GEM
  remote: https://rubygems.org/
  specs:
    addressable (2.8.1)
      public_suffix (>= 2.0.2, < 6.0)
    git (1.13.2)
      addressable (~> 2.8)
      rchardet (~> 1.8)
    jumanpp_ruby (0.1.2)
    nokogiri (1.14.1-arm64-darwin)
      racc (~> 1.4)
    public_suffix (5.0.1)
    racc (1.6.2)
    rchardet (1.8.0)
    tomlrb (2.0.3)

PLATFORMS
  arm64-darwin-22

DEPENDENCIES
  git
  jumanpp_ruby
  nokogiri
  tomlrb

BUNDLED WITH
   2.4.6
